PATH
  remote: .
  specs:
    deploy_infrachecker (0.0.1)

GEM
  remote: https://rubygems.org/
  specs:
    httpclient (2.8.0)
    maxitest (2.0.2)
      minitest (>= 5.0.0, < 5.10.0)
    metaclass (0.0.4)
    minitest (5.9.0)
    mocha (1.1.0)
      metaclass (~> 0.0.1)

PLATFORMS
  ruby

DEPENDENCIES
  deploy_infrachecker!
  httpclient (~> 2.8.0)
  maxitest (~> 2.0.2)
  minitest (~> 5.9.0)
  mocha (~> 1.1.0)
